PATH
  remote: .
  specs:
    deploy-agent (1.2.1)
      nio4r (= 2.1.0)
      rb-readline (= 0.5.5)
      timers (= 4.1.2)

GEM
  remote: https://rubygems.org/
  specs:
    hitimes (1.3.1)
    nio4r (2.1.0)
    rb-readline (0.5.5)
    timers (4.1.2)
      hitimes

PLATFORMS
  ruby

DEPENDENCIES
  bundler (~> 1.16)
  deploy-agent!

BUNDLED WITH
   1.16.6
