GEM
  remote: https://rubygems.org/
  specs:
    nio4r (1.2.1)
    rb-readline (0.5.4)

PLATFORMS
  ruby

DEPENDENCIES
  nio4r
  rb-readline

BUNDLED WITH
   1.13.1
