GEM
  remote: https://rubygems.org/
  specs:
    epoll (0.3.0)
    rb-readline (0.5.4)

PLATFORMS
  ruby

DEPENDENCIES
  epoll
  rb-readline

BUNDLED WITH
   1.13.1
