GEM
  remote: https://rubygems.org/
  specs:
    epoll (0.3.0)

PLATFORMS
  ruby

DEPENDENCIES
  epoll

BUNDLED WITH
   1.13.1
